GEM
  remote: https://rubygems.org/
  specs:
    ZenTest (4.7.0)
    ach (0.3.0.1)
    activemodel (3.2.2)
      activesupport (= 3.2.2)
      builder (~> 3.0.0)
    activerecord (3.2.2)
      activemodel (= 3.2.2)
      activesupport (= 3.2.2)
      arel (~> 3.0.2)
      tzinfo (~> 0.3.29)
    activesupport (3.2.2)
      i18n (~> 0.6)
      multi_json (~> 1.0)
    arel (3.0.2)
    autotest (4.4.6)
      ZenTest (>= 4.4.1)
    autotest-fsevent (0.2.8)
      sys-uname
    autotest-growl (0.2.16)
    builder (3.0.0)
    diff-lcs (1.1.3)
    ffi (1.0.11)
    i18n (0.6.0)
    multi_json (1.1.0)
    mysql (2.8.1)
    ofac (1.3.0)
    rspec (2.9.0)
      rspec-core (~> 2.9.0)
      rspec-expectations (~> 2.9.0)
      rspec-mocks (~> 2.9.0)
    rspec-core (2.9.0)
    rspec-expectations (2.9.0)
      diff-lcs (~> 1.1.3)
    rspec-mocks (2.9.0)
    sqlite3 (1.3.5)
    sys-uname (0.9.0)
      ffi (>= 1.0.0)
    tzinfo (0.3.32)

PLATFORMS
  ruby

DEPENDENCIES
  ach
  activerecord
  autotest
  autotest-fsevent
  autotest-growl
  mysql
  ofac
  rspec (>= 2)
  sqlite3
